GIT
  remote: https://github.com/cf-buildpacks/base_packager.git
  revision: 9a18213bbd54e7e24785d9d1d52fbef8e5d96305
  ref: 9a18213
  specs:
    base_packager (0.0.1)
      rubyzip

GEM
  remote: https://rubygems.org/
  specs:
    rubyzip (1.1.4)

PLATFORMS
  ruby

DEPENDENCIES
  base_packager!
